GIT
  remote: git://github.com/jnicklas/carrierwave.git
  revision: 84f36027a9f11d9265279e2235da5d8c4e4f2ff7
  ref: 84f36027a9f11d926527
  specs:
    carrierwave (0.5.0)
      activesupport (~> 3.0)

GIT
  remote: git://github.com/trevorturk/heroku_s3_backup.git
  revision: 58bf17abc550cfd479a6d35af9e9d8d5168f5945
  ref: 58bf17abc550cfd479a6
  specs:
    heroku_s3_backup (0.0.1)
      fog (~> 0.3.7)

GEM
  remote: http://rubygems.org/
  specs:
    ZenTest (4.4.0)
    abstract (1.0.0)
    actionmailer (3.0.3)
      actionpack (= 3.0.3)
      mail (~> 2.2.9)
    actionpack (3.0.3)
      activemodel (= 3.0.3)
      activesupport (= 3.0.3)
      builder (~> 2.1.2)
      erubis (~> 2.6.6)
      i18n (~> 0.4)
      rack (~> 1.2.1)
      rack-mount (~> 0.6.13)
      rack-test (~> 0.5.6)
      tzinfo (~> 0.3.23)
    activemodel (3.0.3)
      activesupport (= 3.0.3)
      builder (~> 2.1.2)
      i18n (~> 0.4)
    activerecord (3.0.3)
      activemodel (= 3.0.3)
      activesupport (= 3.0.3)
      arel (~> 2.0.2)
      tzinfo (~> 0.3.23)
    activeresource (3.0.3)
      activemodel (= 3.0.3)
      activesupport (= 3.0.3)
    activesupport (3.0.3)
    arel (2.0.3)
    autotest-rails (4.1.0)
      ZenTest
    bcrypt-ruby (2.1.2)
    builder (2.1.2)
    configuration (1.1.0)
    daemons (1.1.0)
    devise (1.1.2)
      bcrypt-ruby (~> 2.1.2)
      warden (~> 0.10.7)
    erubis (2.6.6)
      abstract (>= 1.0.0)
    eventmachine (0.12.10)
    excon (0.2.4)
    faker (0.3.1)
    flash_cookie_session (1.0.1)
      rails (~> 3.0)
    fog (0.3.7)
      builder
      excon (>= 0.2.3)
      formatador (>= 0.0.15)
      json
      mime-types
      net-ssh (~> 2.0.23)
      nokogiri (~> 1.4.3.1)
      ruby-hmac
    formatador (0.0.15)
    heroku (1.10.5)
      json_pure (>= 1.2.0, < 1.5.0)
      launchy (~> 0.3.2)
      rest-client (~> 1.4.0)
    hoptoad_notifier (2.3.12)
      activesupport
      builder
    i18n (0.4.2)
    json (1.4.6)
    json_pure (1.4.6)
    launchy (0.3.7)
      configuration (>= 0.0.5)
      rake (>= 0.8.1)
    machinist (1.0.6)
    mail (2.2.9.1)
      activesupport (>= 2.3.6)
      i18n (>= 0.4.1)
      mime-types (~> 1.16)
      treetop (~> 1.4.8)
    mime-types (1.16)
    mocha (0.9.8)
      rake
    mp4info (1.7.3)
    net-ssh (2.0.23)
    nokogiri (1.4.3.1)
    pg (0.9.0)
    polyglot (0.3.1)
    populator (0.2.5)
    rack (1.2.1)
    rack-mount (0.6.13)
      rack (>= 1.0.0)
    rack-test (0.5.6)
      rack (>= 1.0)
    rails (3.0.3)
      actionmailer (= 3.0.3)
      actionpack (= 3.0.3)
      activerecord (= 3.0.3)
      activeresource (= 3.0.3)
      activesupport (= 3.0.3)
      bundler (~> 1.0)
      railties (= 3.0.3)
    railties (3.0.3)
      actionpack (= 3.0.3)
      activesupport (= 3.0.3)
      rake (>= 0.8.7)
      thor (~> 0.14.4)
    rake (0.8.7)
    rest-client (1.4.2)
      mime-types (>= 1.16)
    ruby-hmac (0.4.0)
    ruby-mp3info (0.6.13)
    sqlite3-ruby (1.3.0)
    thin (1.2.7)
      daemons (>= 1.0.9)
      eventmachine (>= 0.12.6)
      rack (>= 1.0.0)
    thor (0.14.4)
    toadhopper (1.0.4)
    treetop (1.4.9)
      polyglot (>= 0.3.1)
    tzinfo (0.3.23)
    warden (0.10.7)
      rack (>= 1.0.0)
    yajl-ruby (0.7.8)

PLATFORMS
  ruby

DEPENDENCIES
  autotest-rails (= 4.1.0)
  carrierwave!
  devise (= 1.1.2)
  faker (= 0.3.1)
  flash_cookie_session (= 1.0.1)
  fog (= 0.3.7)
  heroku (= 1.10.5)
  heroku_s3_backup!
  hoptoad_notifier (= 2.3.12)
  machinist (= 1.0.6)
  mime-types (= 1.16)
  mocha (= 0.9.8)
  mp4info (= 1.7.3)
  pg (= 0.9.0)
  populator (= 0.2.5)
  rails (= 3.0.3)
  ruby-mp3info (= 0.6.13)
  sqlite3-ruby (= 1.3.0)
  thin (= 1.2.7)
  toadhopper (= 1.0.4)
  yajl-ruby (= 0.7.8)
